GEM
  remote: https://rubygems.org/
  specs:
    RedCloth (4.3.2)
    rack (1.6.5)
    rack-protection (1.5.3)
      rack
    sinatra (1.4.8)
      rack (~> 1.5)
      rack-protection (~> 1.4)
      tilt (>= 1.3, < 3)
    tilt (2.0.7)

PLATFORMS
  ruby

DEPENDENCIES
  RedCloth (~> 4.3.2)
  sinatra

RUBY VERSION
   ruby 2.2.2p95

BUNDLED WITH
   1.14.4
